PATH
  remote: .
  specs:
    skull_island (2.0.3)
      deepsort (~> 0.4)
      erubi (~> 1.8)
      json (~> 2.1)
      linguistics (~> 2.1)
      rest-client (~> 2.1)
      thor (~> 0.20)
      will_paginate (~> 3.1)

GEM
  remote: https://rubygems.org/
  specs:
    activesupport (5.2.4.2)
      concurrent-ruby (~> 1.0, >= 1.0.2)
      i18n (>= 0.7, < 2)
      minitest (~> 5.1)
      tzinfo (~> 1.1)
    addressable (2.7.0)
      public_suffix (>= 2.0.2, < 5.0)
    ast (2.4.0)
    concurrent-ruby (1.1.6)
    coveralls (0.7.1)
      multi_json (~> 1.3)
      rest-client
      simplecov (>= 0.7)
      term-ansicolor
      thor
    deepsort (0.4.5)
    diff-lcs (1.3)
    docile (1.3.2)
    domain_name (0.5.20190701)
      unf (>= 0.0.5, < 1.0.0)
    erubi (1.9.0)
    ethon (0.12.0)
      ffi (>= 1.3.0)
    faraday (1.0.1)
      multipart-post (>= 1.2, < 3)
    faraday_middleware (1.0.0)
      faraday (~> 1.0)
    ffi (1.12.2)
    gh (0.17.0)
      activesupport (~> 5.0)
      addressable (~> 2.4)
      faraday (~> 1.0)
      faraday_middleware (~> 1.0)
      multi_json (~> 1.0)
      net-http-persistent (~> 2.9)
      net-http-pipeline
    highline (2.0.3)
    http-accept (1.7.0)
    http-cookie (1.0.3)
      domain_name (~> 0.5)
    i18n (1.8.2)
      concurrent-ruby (~> 1.0)
    jaro_winkler (1.5.4)
    json (2.3.0)
    launchy (2.5.0)
      addressable (~> 2.7)
    linguistics (2.1.0)
      loggability (~> 0.11)
    loggability (0.15.1)
    mime-types (3.3.1)
      mime-types-data (~> 3.2015)
    mime-types-data (3.2019.1009)
    minitest (5.14.0)
    multi_json (1.14.1)
    multipart-post (2.1.1)
    net-http-persistent (2.9.4)
    net-http-pipeline (1.0.1)
    netrc (0.11.0)
    parallel (1.19.1)
    parser (2.7.0.3)
      ast (~> 2.4.0)
    public_suffix (4.0.4)
    pusher-client (0.6.2)
      json
      websocket (~> 1.0)
    rainbow (3.0.0)
    rake (12.3.3)
    rest-client (2.1.0)
      http-accept (>= 1.7.0, < 2.0)
      http-cookie (>= 1.0.2, < 2.0)
      mime-types (>= 1.16, < 4.0)
      netrc (~> 0.8)
    rexml (3.2.4)
    rspec (3.9.0)
      rspec-core (~> 3.9.0)
      rspec-expectations (~> 3.9.0)
      rspec-mocks (~> 3.9.0)
    rspec-core (3.9.1)
      rspec-support (~> 3.9.1)
    rspec-expectations (3.9.0)
      diff-lcs (>= 1.2.0, < 2.0)
      rspec-support (~> 3.9.0)
    rspec-mocks (3.9.1)
      diff-lcs (>= 1.2.0, < 2.0)
      rspec-support (~> 3.9.0)
    rspec-support (3.9.2)
    rubocop (0.80.1)
      jaro_winkler (~> 1.5.1)
      parallel (~> 1.10)
      parser (>= 2.7.0.1)
      rainbow (>= 2.2.2, < 4.0)
      rexml
      ruby-progressbar (~> 1.7)
      unicode-display_width (>= 1.4.0, < 1.7)
    ruby-progressbar (1.10.1)
    simplecov (0.18.5)
      docile (~> 1.1)
      simplecov-html (~> 0.11)
    simplecov-html (0.12.1)
    sync (0.5.0)
    term-ansicolor (1.7.1)
      tins (~> 1.0)
    thor (0.20.3)
    thread_safe (0.3.6)
    tins (1.24.1)
      sync
    travis (1.9.0)
      faraday (~> 1.0)
      faraday_middleware (~> 1.0)
      gh (~> 0.13)
      highline (~> 2.0)
      json (~> 2.3)
      launchy (~> 2.1)
      pusher-client (~> 0.4)
      typhoeus (~> 0.6, >= 0.6.8)
    typhoeus (0.8.0)
      ethon (>= 0.8.0)
    tzinfo (1.2.7)
      thread_safe (~> 0.1)
    unf (0.1.4)
      unf_ext
    unf_ext (0.0.7.6)
    unicode-display_width (1.6.1)
    websocket (1.2.8)
    will_paginate (3.3.0)
    yard (0.9.25)

PLATFORMS
  ruby

DEPENDENCIES
  bundler (~> 2.0)
  coveralls (~> 0.7)
  rake (~> 12.0)
  rspec (~> 3.0)
  rubocop (~> 0.50)
  simplecov (~> 0.17)
  skull_island!
  travis (~> 1.8)
  yard (~> 0.9.20)

BUNDLED WITH
   2.0.1
